GEM
  remote: https://rubygems.org/
  specs:
    micronaut (0.3.0)

PLATFORMS
  ruby

DEPENDENCIES
  micronaut

BUNDLED WITH
   1.11.2
