PATH
  remote: .
  specs:
    ach (0.4.6)

GEM
  remote: https://rubygems.org/
  specs:
    autotest (5.0.0)
      minitest-autotest (~> 1.0)
    diff-lcs (1.3)
    micronaut (0.3.0)
    minitest (5.14.0)
    minitest-autotest (1.1.1)
      minitest-server (~> 1.0)
      path_expander (~> 1.0)
    minitest-server (1.0.6)
      minitest (~> 5.0)
    path_expander (1.1.0)
    rake (13.0.1)
    rspec (2.99.0)
      rspec-core (~> 2.99.0)
      rspec-expectations (~> 2.99.0)
      rspec-mocks (~> 2.99.0)
    rspec-core (2.99.2)
    rspec-expectations (2.99.2)
      diff-lcs (>= 1.1.3, < 2.0)
    rspec-mocks (2.99.4)

PLATFORMS
  ruby

DEPENDENCIES
  ach!
  autotest
  micronaut
  rake
  rspec (~> 2.0)

BUNDLED WITH
   1.17.2
